{
  "aor": 0.002660043103448276,
  "aqi": 0.013378616594827586,
  "bids_meta": {
    "AcquisitionMatrixPE": 100,
    "AcquisitionNumber": 1,
    "AcquisitionTime": "13:00:45.430000",
    "BandwidthPerPixelPhaseEncode": 18.519,
    "BaseResolution": 100,
    "BodyPartExamined": "BRAIN",
    "CogAtlasID": "http://www.cognitiveatlas.org/task/id/TODO",
    "ConsistencyInfo": "N4_VE11C_LATEST_20160120",
    "ConversionSoftware": "dcm2niix",
    "ConversionSoftwareVersion": "v1.0.20180622 GCC4.9.2",
    "DerivedVendorReportedEchoSpacing": 0.000539986,
    "DeviceSerialNumber": "166078",
    "DwellTime": 2.1e-06,
    "EchoTime": 0.034,
    "EchoTrainLength": 100,
    "EffectiveEchoSpacing": 0.000539986,
    "FlipAngle": 90,
    "ImageOrientationPatientDICOM": [
      1,
      -2.17706e-05,
      -0.00033719,
      -3.41572e-08,
      0.997916,
      -0.0645314
    ],
    "ImageType": [
      "ORIGINAL",
      "PRIMARY",
      "M",
      "ND",
      "MOSAIC"
    ],
    "InPlanePhaseEncodingDirectionDICOM": "COL",
    "InstitutionAddress": "Street_StreetNo_Bei_Jing_District_CN_ZIP",
    "InstitutionName": "BeiJing_Normal_University",
    "InstitutionalDepartmentName": "Department",
    "MRAcquisitionType": "2D",
    "MagneticFieldStrength": 3,
    "Manufacturer": "Siemens",
    "ManufacturersModelName": "Prisma",
    "Modality": "MR",
    "MultibandAccelerationFactor": 3,
    "PartialFourier": 1,
    "PatientPosition": "HFS",
    "PercentPhaseFOV": 100,
    "PhaseEncodingDirection": "j-",
    "PhaseEncodingSteps": 100,
    "PhaseResolution": 1,
    "PixelBandwidth": 2380,
    "ProcedureStepDescription": "BNU_P2018_64CH_Liu.Jia",
    "ProtocolName": "bold_100x100_s3_2x2x2_232",
    "PulseSequenceDetails": "%SiemensSeq%_ep2d_bold",
    "ReceiveCoilActiveElements": "HC1-7;NC1",
    "ReceiveCoilName": "HeadNeck_64",
    "ReconMatrixPE": 100,
    "RepetitionTime": 2,
    "SAR": 0.0729162,
    "ScanOptions": "FS",
    "ScanningSequence": "EP",
    "SequenceName": "_epfid2d1_100",
    "SequenceVariant": "SK",
    "SeriesDescription": "bold_100x100_s3_2x2x2_232",
    "SeriesNumber": 5,
    "ShimSetting": [
      -5471,
      -11492,
      -1226,
      384,
      -21,
      -20,
      -93,
      55
    ],
    "SliceThickness": 2,
    "SliceTiming": [
      1.485,
      0,
      0.99,
      0.0825,
      1.0725,
      0.165,
      1.155,
      0.2475,
      1.2375,
      0.33,
      1.32,
      0.4125,
      1.4025,
      0.5775,
      1.5675,
      0.66,
      1.65,
      0.7425,
      1.7325,
      0.825,
      1.815,
      0.9075,
      1.8975,
      0.495,
      1.485,
      0,
      0.99,
      0.0825,
      1.0725,
      0.165,
      1.155,
      0.2475,
      1.2375,
      0.33,
      1.32,
      0.4125,
      1.4025,
      0.5775,
      1.5675,
      0.66,
      1.65,
      0.7425,
      1.7325,
      0.825,
      1.815,
      0.9075,
      1.8975,
      0.495,
      1.485,
      0,
      0.99,
      0.0825,
      1.0725,
      0.165,
      1.155,
      0.2475,
      1.2375,
      0.33,
      1.32,
      0.4125,
      1.4025,
      0.5775,
      1.5675,
      0.66,
      1.65,
      0.7425,
      1.7325,
      0.825,
      1.815,
      0.9075,
      1.8975,
      0.495
    ],
    "SoftwareVersions": "syngo_MR_E11",
    "SpacingBetweenSlices": 2,
    "StationName": "AWP166078",
    "TaskName": "Motor tasks of several major body parts, including toe, ankle, left leg, right leg, finger, wrist, forearm, upper arm, jaw, lip, tongue, eye",
    "TotalReadoutTime": 0.0534586,
    "TxRefAmp": 219.507,
    "dataset": "ds004044",
    "dcmmeta_reorient_transform": [
      [
        0.0,
        -1.0,
        0.0,
        99.0
      ],
      [
        1.0,
        0.0,
        0.0,
        0.0
      ],
      [
        0.0,
        0.0,
        1.0,
        0.0
      ],
      [
        0.0,
        0.0,
        0.0,
        1.0
      ]
    ],
    "dcmmeta_shape": [
      100,
      100,
      72,
      232
    ],
    "dcmmeta_slice_dim": 2,
    "dcmmeta_version": 0.6,
    "modality": "bold",
    "run_id": 3,
    "session_id": "1",
    "subject_id": "23",
    "task_id": "motor"
  },
  "dummy_trs": 0,
  "dvars_nstd": 49.03906023753245,
  "dvars_std": 1.0970970818181822,
  "dvars_vstd": 0.9788363566666661,
  "efc": 0.6240908700671408,
  "fber": 105.39119720458984,
  "fd_mean": 0.191174877670805,
  "fd_num": 55,
  "fd_perc": 23.70689655172414,
  "fwhm_avg": 3.1914933333333333,
  "fwhm_x": 2.989425,
  "fwhm_y": 3.330495,
  "fwhm_z": 3.25456,
  "gcor": 0.0136676,
  "gsr_x": 0.008018763735890388,
  "gsr_y": 0.08977463841438293,
  "provenance": {
    "md5sum": "6989b69aba80ec770e1a728fd7ae6f11",
    "settings": {
      "fd_thres": 0.2,
      "testing": false
    },
    "software": "mriqc",
    "version": "22.0.6",
    "webapi_port": null,
    "webapi_url": "https://mriqc.nimh.nih.gov/api/v1"
  },
  "size_t": 232,
  "size_x": 100,
  "size_y": 100,
  "size_z": 72,
  "snr": 2.138026745636168,
  "spacing_tr": 2.0,
  "spacing_x": 2.0,
  "spacing_y": 2.0,
  "spacing_z": 2.0,
  "summary_bg_k": 16.28006419835659,
  "summary_bg_mad": 26.80826169758561,
  "summary_bg_mean": 127.57032012939453,
  "summary_bg_median": 68.1551742553711,
  "summary_bg_n": 446203.0,
  "summary_bg_p05": 45.93965530395508,
  "summary_bg_p95": 440.90862121582,
  "summary_bg_stdv": 155.10450744628906,
  "summary_fg_k": 0.8172436606533995,
  "summary_fg_mad": 307.29491869811784,
  "summary_fg_mean": 782.9718627929688,
  "summary_fg_median": 718.4913940429688,
  "summary_fg_n": 169717.0,
  "summary_fg_p05": 362.8232666015625,
  "summary_fg_p95": 1432.5982910156247,
  "summary_fg_stdv": 336.0525207519531,
  "tsnr": 29.213579994393513
}