{
  "bids_meta": {
    "AcquisitionMatrixPE": 256,
    "AcquisitionNumber": 1,
    "AcquisitionTime": "13:46:54.715000",
    "BaseResolution": 256,
    "BodyPartExamined": "BRAIN",
    "ConsistencyInfo": "N4_VE11C_LATEST_20160120",
    "ConversionSoftware": "dcm2niix",
    "ConversionSoftwareVersion": "v1.0.20180622 GCC4.9.2",
    "DeviceSerialNumber": "166078",
    "DwellTime": 1.03e-05,
    "EchoTime": 0.00227,
    "FlipAngle": 7,
    "ImageOrientationPatientDICOM": [
      0,
      1,
      0,
      0.00523601,
      0,
      -0.999986
    ],
    "ImageType": [
      "ORIGINAL",
      "PRIMARY",
      "M",
      "ND",
      "NORM"
    ],
    "InPlanePhaseEncodingDirectionDICOM": "ROW",
    "InstitutionAddress": "Street_StreetNo_Bei_Jing_District_CN_ZIP",
    "InstitutionName": "BeiJing_Normal_University",
    "InstitutionalDepartmentName": "Department",
    "InversionTime": 1.1,
    "MRAcquisitionType": "3D",
    "MagneticFieldStrength": 3,
    "Manufacturer": "Siemens",
    "ManufacturersModelName": "Prisma",
    "Modality": "MR",
    "ParallelReductionFactorInPlane": 2,
    "PartialFourier": 1,
    "PatientPosition": "HFS",
    "PercentPhaseFOV": 100,
    "PhaseEncodingSteps": 255,
    "PhaseResolution": 1,
    "PixelBandwidth": 190,
    "ProcedureStepDescription": "BNU_P2018_64CH_Liu.Jia",
    "ProtocolName": "t1_mprage_sag_1x1x1_p2_64ch",
    "PulseSequenceDetails": "%SiemensSeq%_tfl",
    "ReceiveCoilActiveElements": "HC1-7;NC1",
    "ReceiveCoilName": "HeadNeck_64",
    "ReconMatrixPE": 256,
    "RepetitionTime": 2.53,
    "SAR": 0.0400185,
    "ScanOptions": "IR",
    "ScanningSequence": "GR_IR",
    "SequenceName": "_tfl3d1_16ns",
    "SequenceVariant": "SK_SP_MP",
    "SeriesDescription": "t1_mprage_sag_1x1x1_p2_64ch",
    "SeriesNumber": 12,
    "ShimSetting": [
      -5471,
      -11530,
      -1263,
      319,
      -34,
      -305,
      -64,
      59
    ],
    "SliceThickness": 1,
    "SoftwareVersions": "syngo_MR_E11",
    "StationName": "AWP166078",
    "TxRefAmp": 219.507,
    "dataset": "ds004044",
    "modality": "T1w",
    "run_id": 1,
    "session_id": "1",
    "subject_id": "23"
  },
  "cjv": 0.2964019421750134,
  "cnr": 4.471000056108439,
  "efc": 0.5138988479035745,
  "fber": -1.0,
  "fwhm_avg": 4.32572557266781,
  "fwhm_x": 4.334976718003432,
  "fwhm_y": 4.27632,
  "fwhm_z": 4.36588,
  "icvs_csf": 0.21851530481239556,
  "icvs_gm": 0.4542055388630818,
  "icvs_wm": 0.32727915632452265,
  "inu_med": 0.5515897572040558,
  "inu_range": 0.21561144739389415,
  "provenance": {
    "md5sum": "f06d78194265ade38870e4af5bac7bb4",
    "settings": {
      "testing": false
    },
    "software": "mriqc",
    "version": "22.0.6",
    "warnings": {
      "large_rot_frame": true,
      "small_air_mask": false
    },
    "webapi_port": null,
    "webapi_url": "https://mriqc.nimh.nih.gov/api/v1"
  },
  "qi_1": 1.8633852301269396e-05,
  "qi_2": 0.009549220977742637,
  "rpve_csf": 26.11336892621707,
  "rpve_gm": 13.213175247634554,
  "rpve_wm": 20.61824060619432,
  "size_x": 208,
  "size_y": 256,
  "size_z": 256,
  "snr_csf": 1.728192081675022,
  "snr_gm": 10.253346613877637,
  "snr_total": 11.809155620535241,
  "snr_wm": 23.44592816605306,
  "snrd_csf": 18.262098801971227,
  "snrd_gm": 72.39807890319165,
  "snrd_total": 67.0408923464007,
  "snrd_wm": 110.46249933403921,
  "spacing_x": 0.9999984502792358,
  "spacing_y": 1.0,
  "spacing_z": 1.0,
  "summary_bg_k": 21.225128900994033,
  "summary_bg_mad": 0.0,
  "summary_bg_mean": 3.003928637775834,
  "summary_bg_median": 0.0,
  "summary_bg_n": 4142951.0,
  "summary_bg_p05": 0.0,
  "summary_bg_p95": 14.012738980352879,
  "summary_bg_stdv": 5.93105321525804,
  "summary_csf_k": 1.533759353694121,
  "summary_csf_mad": 84.37739677655321,
  "summary_csf_mean": 182.14932267902222,
  "summary_csf_median": 165.32966236770153,
  "summary_csf_n": 58936.0,
  "summary_csf_p05": 60.483732687309384,
  "summary_csf_p95": 371.60441031865776,
  "summary_csf_stdv": 95.66544222398583,
  "summary_gm_k": 0.05866687057978037,
  "summary_gm_mad": 62.98953879144988,
  "summary_gm_mean": 656.1324019754264,
  "summary_gm_median": 655.4312333390117,
  "summary_gm_n": 54148.0,
  "summary_gm_p05": 551.5355532798916,
  "summary_gm_p95": 762.058881059289,
  "summary_gm_stdv": 63.92304930019803,
  "summary_wm_k": 0.7771580319537303,
  "summary_wm_mad": 39.15152046437768,
  "summary_wm_mean": 1000.2819020203939,
  "summary_wm_median": 1000.0344383865595,
  "summary_wm_n": 202483.0,
  "summary_wm_p05": 930.7281888350844,
  "summary_wm_p95": 1070.4079972952604,
  "summary_wm_stdv": 42.65269269242638,
  "tpm_overlap_csf": 0.14353482354182748,
  "tpm_overlap_gm": 0.4649103320088527,
  "tpm_overlap_wm": 0.4901784974832551,
  "wm2max": 0.5587918430165448
}