{
  "bids_meta": {
    "AcquisitionMatrixPE": 256,
    "AcquisitionNumber": 1,
    "AcquisitionTime": "12:34:1.185000",
    "BaseResolution": 256,
    "BodyPartExamined": "BRAIN",
    "ConsistencyInfo": "N4_VE11C_LATEST_20160120",
    "ConversionSoftware": "dcm2niix",
    "ConversionSoftwareVersion": "v1.0.20180622 GCC4.9.2",
    "DeviceSerialNumber": "166078",
    "DwellTime": 1.03e-05,
    "EchoTime": 0.00227,
    "FlipAngle": 7,
    "ImageOrientationPatientDICOM": [
      0,
      1,
      0,
      0.0383878,
      0,
      -0.999263
    ],
    "ImageType": [
      "ORIGINAL",
      "PRIMARY",
      "M",
      "ND",
      "NORM"
    ],
    "InPlanePhaseEncodingDirectionDICOM": "ROW",
    "InstitutionAddress": "Street_StreetNo_Bei_Jing_District_CN_ZIP",
    "InstitutionName": "BeiJing_Normal_University",
    "InstitutionalDepartmentName": "Department",
    "InversionTime": 1.1,
    "MRAcquisitionType": "3D",
    "MagneticFieldStrength": 3,
    "Manufacturer": "Siemens",
    "ManufacturersModelName": "Prisma",
    "Modality": "MR",
    "ParallelReductionFactorInPlane": 2,
    "PartialFourier": 1,
    "PatientPosition": "HFS",
    "PercentPhaseFOV": 100,
    "PhaseEncodingSteps": 255,
    "PhaseResolution": 1,
    "PixelBandwidth": 190,
    "ProcedureStepDescription": "BNU_P2018_64CH_Liu.Jia",
    "ProtocolName": "t1_mprage_sag_1x1x1_p2_64ch",
    "PulseSequenceDetails": "%SiemensSeq%_tfl",
    "ReceiveCoilActiveElements": "HC1-7;NC1",
    "ReceiveCoilName": "HeadNeck_64",
    "ReconMatrixPE": 256,
    "RepetitionTime": 2.53,
    "SAR": 0.0340045,
    "ScanOptions": "IR",
    "ScanningSequence": "GR_IR",
    "SequenceName": "_tfl3d1_16ns",
    "SequenceVariant": "SK_SP_MP",
    "SeriesDescription": "t1_mprage_sag_1x1x1_p2_64ch",
    "SeriesNumber": 12,
    "ShimSetting": [
      -5467,
      -11494,
      -1298,
      183,
      -94,
      -564,
      -91,
      27
    ],
    "SliceThickness": 1,
    "SoftwareVersions": "syngo_MR_E11",
    "StationName": "AWP166078",
    "TxRefAmp": 225.553,
    "dataset": "ds004044",
    "modality": "T1w",
    "run_id": 1,
    "session_id": "1",
    "subject_id": "27"
  },
  "cjv": 0.3358012279581028,
  "cnr": 3.950135850716959,
  "efc": 0.5113262668688946,
  "fber": -1.0,
  "fwhm_avg": 4.176024364457209,
  "fwhm_x": 4.144723093371627,
  "fwhm_y": 4.11358,
  "fwhm_z": 4.26977,
  "icvs_csf": 0.1969554740767236,
  "icvs_gm": 0.43264601871950964,
  "icvs_wm": 0.37039850720376677,
  "inu_med": 0.4636945426464081,
  "inu_range": 0.16471038311719893,
  "provenance": {
    "md5sum": "58f289c316e39288ede5246f848c12b3",
    "settings": {
      "testing": false
    },
    "software": "mriqc",
    "version": "22.0.6",
    "warnings": {
      "large_rot_frame": true,
      "small_air_mask": false
    },
    "webapi_port": null,
    "webapi_url": "https://mriqc.nimh.nih.gov/api/v1"
  },
  "qi_1": 3.2341698359605958e-06,
  "qi_2": 0.010528419929738068,
  "rpve_csf": 28.206026068808658,
  "rpve_gm": 13.93158462775419,
  "rpve_wm": 19.17016509567402,
  "size_x": 208,
  "size_y": 256,
  "size_z": 256,
  "snr_csf": 1.774585459805962,
  "snr_gm": 10.421948235128289,
  "snr_total": 12.779219189887362,
  "snr_wm": 26.141123874727835,
  "snrd_csf": 26.70144863575834,
  "snrd_gm": 94.34791489452762,
  "snrd_total": 85.56527952263734,
  "snrd_wm": 135.64647503762603,
  "spacing_x": 0.9999968409538269,
  "spacing_y": 1.0,
  "spacing_z": 1.0,
  "summary_bg_k": 18.243168431005973,
  "summary_bg_mad": 0.0,
  "summary_bg_mean": 2.002585877615033,
  "summary_bg_median": 0.0,
  "summary_bg_n": 4069004.0,
  "summary_bg_p05": 0.0,
  "summary_bg_p95": 9.851563926786184,
  "summary_bg_stdv": 4.829947443360666,
  "summary_csf_k": 1.2749168068370125,
  "summary_csf_mad": 94.44744694823078,
  "summary_csf_mean": 216.62410421187354,
  "summary_csf_median": 196.8545688688755,
  "summary_csf_n": 31407.0,
  "summary_csf_p05": 70.77222157269716,
  "summary_csf_p95": 437.84237703308463,
  "summary_csf_stdv": 110.92812342619266,
  "summary_gm_k": -0.02471562022814977,
  "summary_gm_mad": 66.74198920960275,
  "summary_gm_mean": 694.933067569084,
  "summary_gm_median": 695.5734261311591,
  "summary_gm_n": 45317.0,
  "summary_gm_p05": 584.0696263499558,
  "summary_gm_p95": 803.9936422258614,
  "summary_gm_stdv": 66.74047268950389,
  "summary_wm_k": 0.8249523906039666,
  "summary_wm_mad": 35.499664525617945,
  "summary_wm_mean": 1000.2422637696199,
  "summary_wm_median": 1000.0441821105778,
  "summary_wm_n": 240175.0,
  "summary_wm_p05": 938.0190890468657,
  "summary_wm_p95": 1062.5994041748345,
  "summary_wm_stdv": 38.25551284609796,
  "tpm_overlap_csf": 0.15084178945755577,
  "tpm_overlap_gm": 0.4599685349247431,
  "tpm_overlap_wm": 0.5144977271986108,
  "wm2max": 0.44502980084645977
}