{
  "aor": 0.005789137931034483,
  "aqi": 0.013909189655172412,
  "bids_meta": {
    "AcquisitionMatrixPE": 100,
    "AcquisitionNumber": 1,
    "AcquisitionTime": "12:15:51.932500",
    "BandwidthPerPixelPhaseEncode": 18.519,
    "BaseResolution": 100,
    "BodyPartExamined": "BRAIN",
    "CogAtlasID": "http://www.cognitiveatlas.org/task/id/TODO",
    "ConsistencyInfo": "N4_VE11C_LATEST_20160120",
    "ConversionSoftware": "dcm2niix",
    "ConversionSoftwareVersion": "v1.0.20180622 GCC4.9.2",
    "DerivedVendorReportedEchoSpacing": 0.000539986,
    "DeviceSerialNumber": "166078",
    "DwellTime": 2.1e-06,
    "EchoTime": 0.034,
    "EchoTrainLength": 100,
    "EffectiveEchoSpacing": 0.000539986,
    "FlipAngle": 90,
    "ImageOrientationPatientDICOM": [
      1,
      -0.000136315,
      -0.000530998,
      2.95999e-10,
      0.968593,
      -0.248652
    ],
    "ImageType": [
      "ORIGINAL",
      "PRIMARY",
      "M",
      "ND",
      "MOSAIC"
    ],
    "InPlanePhaseEncodingDirectionDICOM": "COL",
    "InstitutionAddress": "Street_StreetNo_Bei_Jing_District_CN_ZIP",
    "InstitutionName": "BeiJing_Normal_University",
    "InstitutionalDepartmentName": "Department",
    "MRAcquisitionType": "2D",
    "MagneticFieldStrength": 3,
    "Manufacturer": "Siemens",
    "ManufacturersModelName": "Prisma",
    "Modality": "MR",
    "MultibandAccelerationFactor": 3,
    "PartialFourier": 1,
    "PatientPosition": "HFS",
    "PercentPhaseFOV": 100,
    "PhaseEncodingDirection": "j-",
    "PhaseEncodingSteps": 100,
    "PhaseResolution": 1,
    "PixelBandwidth": 2380,
    "ProcedureStepDescription": "BNU_P2018_64CH_Liu.Jia",
    "ProtocolName": "bold_100x100_s3_2x2x2_232",
    "PulseSequenceDetails": "%SiemensSeq%_ep2d_bold",
    "ReceiveCoilActiveElements": "HC1-7;NC1",
    "ReceiveCoilName": "HeadNeck_64",
    "ReconMatrixPE": 100,
    "RepetitionTime": 2,
    "SAR": 0.0619585,
    "ScanOptions": "FS",
    "ScanningSequence": "EP",
    "SequenceName": "_epfid2d1_100",
    "SequenceVariant": "SK",
    "SeriesDescription": "bold_100x100_s3_2x2x2_232",
    "SeriesNumber": 10,
    "ShimSetting": [
      -5461,
      -11474,
      -1255,
      400,
      -66,
      -252,
      -165,
      16
    ],
    "SliceThickness": 2,
    "SliceTiming": [
      1.485,
      0,
      0.99,
      0.0825,
      1.0725,
      0.165,
      1.155,
      0.2475,
      1.2375,
      0.33,
      1.32,
      0.4125,
      1.4025,
      0.5775,
      1.5675,
      0.66,
      1.65,
      0.7425,
      1.7325,
      0.825,
      1.815,
      0.9075,
      1.8975,
      0.495,
      1.485,
      0,
      0.99,
      0.0825,
      1.0725,
      0.165,
      1.155,
      0.2475,
      1.2375,
      0.33,
      1.32,
      0.4125,
      1.4025,
      0.5775,
      1.5675,
      0.66,
      1.65,
      0.7425,
      1.7325,
      0.825,
      1.815,
      0.9075,
      1.8975,
      0.495,
      1.485,
      0,
      0.99,
      0.0825,
      1.0725,
      0.165,
      1.155,
      0.2475,
      1.2375,
      0.33,
      1.32,
      0.4125,
      1.4025,
      0.5775,
      1.5675,
      0.66,
      1.65,
      0.7425,
      1.7325,
      0.825,
      1.815,
      0.9075,
      1.8975,
      0.495
    ],
    "SoftwareVersions": "syngo_MR_E11",
    "SpacingBetweenSlices": 2,
    "StationName": "AWP166078",
    "TaskName": "Motor tasks of several major body parts, including toe, ankle, left leg, right leg, finger, wrist, forearm, upper arm, jaw, lip, tongue, eye",
    "TotalReadoutTime": 0.0534586,
    "TxRefAmp": 225.553,
    "dataset": "ds004044",
    "dcmmeta_reorient_transform": [
      [
        0.0,
        -1.0,
        0.0,
        99.0
      ],
      [
        1.0,
        0.0,
        0.0,
        0.0
      ],
      [
        0.0,
        0.0,
        1.0,
        0.0
      ],
      [
        0.0,
        0.0,
        0.0,
        1.0
      ]
    ],
    "dcmmeta_shape": [
      100,
      100,
      72,
      232
    ],
    "dcmmeta_slice_dim": 2,
    "dcmmeta_version": 0.6,
    "modality": "bold",
    "run_id": 5,
    "session_id": "1",
    "subject_id": "27",
    "task_id": "motor"
  },
  "dummy_trs": 0,
  "dvars_nstd": 54.203014670952385,
  "dvars_std": 1.0986592373160176,
  "dvars_vstd": 1.0127710212121217,
  "efc": 0.6219478111121175,
  "fber": 97.8783950805664,
  "fd_mean": 0.23193474523757437,
  "fd_num": 95,
  "fd_perc": 40.94827586206897,
  "fwhm_avg": 3.1229066666666667,
  "fwhm_x": 2.8353,
  "fwhm_y": 3.31063,
  "fwhm_z": 3.22279,
  "gcor": 0.0422539,
  "gsr_x": 0.0025032616686075926,
  "gsr_y": 0.06700028479099274,
  "provenance": {
    "md5sum": "cf221d742e5913ad9a1419d939fb509e",
    "settings": {
      "fd_thres": 0.2,
      "testing": false
    },
    "software": "mriqc",
    "version": "22.0.6",
    "webapi_port": null,
    "webapi_url": "https://mriqc.nimh.nih.gov/api/v1"
  },
  "size_t": 232,
  "size_x": 100,
  "size_y": 100,
  "size_z": 72,
  "snr": 2.1433932622614424,
  "spacing_tr": 2.0,
  "spacing_x": 2.0,
  "spacing_y": 2.0,
  "spacing_z": 2.0,
  "summary_bg_k": 25.42423464670777,
  "summary_bg_mad": 24.40542966504334,
  "summary_bg_mean": 112.10941314697266,
  "summary_bg_median": 66.95258331298828,
  "summary_bg_n": 441380.0,
  "summary_bg_p05": 47.01293182373047,
  "summary_bg_p95": 340.4398818969726,
  "summary_bg_stdv": 128.04974365234375,
  "summary_fg_k": 1.4053530290079896,
  "summary_fg_mad": 289.1010077576699,
  "summary_fg_mean": 739.2695922851562,
  "summary_fg_median": 684.2025756835938,
  "summary_fg_n": 172328.0,
  "summary_fg_p05": 335.73146667480466,
  "summary_fg_p95": 1352.2885620117186,
  "summary_fg_stdv": 319.2137451171875,
  "tsnr": 27.089120470918715
}