{
  "bids_meta": {
    "AcquisitionMatrixPE": 256,
    "AcquisitionNumber": 1,
    "AcquisitionTime": "11:27:23.712500",
    "BaseResolution": 256,
    "BodyPartExamined": "BRAIN",
    "ConsistencyInfo": "N4_VE11C_LATEST_20160120",
    "ConversionSoftware": "dcm2niix",
    "ConversionSoftwareVersion": "v1.0.20180622 GCC4.9.2",
    "DeviceSerialNumber": "166078",
    "DwellTime": 1.03e-05,
    "EchoTime": 0.00227,
    "FlipAngle": 7,
    "ImageOrientationPatientDICOM": [
      0,
      1,
      0,
      0,
      0,
      -1
    ],
    "ImageType": [
      "ORIGINAL",
      "PRIMARY",
      "M",
      "ND",
      "NORM"
    ],
    "InPlanePhaseEncodingDirectionDICOM": "ROW",
    "InstitutionAddress": "Street_StreetNo_Bei_Jing_District_CN_ZIP",
    "InstitutionName": "BeiJing_Normal_University",
    "InstitutionalDepartmentName": "Department",
    "InversionTime": 1.1,
    "MRAcquisitionType": "3D",
    "MagneticFieldStrength": 3,
    "Manufacturer": "Siemens",
    "ManufacturersModelName": "Prisma",
    "Modality": "MR",
    "ParallelReductionFactorInPlane": 2,
    "PartialFourier": 1,
    "PatientPosition": "HFS",
    "PercentPhaseFOV": 100,
    "PhaseEncodingSteps": 255,
    "PhaseResolution": 1,
    "PixelBandwidth": 190,
    "ProcedureStepDescription": "BNU_P2018_64CH_Liu.Jia",
    "ProtocolName": "t1_mprage_sag_1x1x1_p2_64ch",
    "PulseSequenceDetails": "%SiemensSeq%_tfl",
    "ReceiveCoilActiveElements": "HC1-7;NC1",
    "ReceiveCoilName": "HeadNeck_64",
    "ReconMatrixPE": 256,
    "RepetitionTime": 2.53,
    "SAR": 0.0362207,
    "ScanOptions": "IR",
    "ScanningSequence": "GR_IR",
    "SequenceName": "_tfl3d1_16ns",
    "SequenceVariant": "SK_SP_MP",
    "SeriesDescription": "t1_mprage_sag_1x1x1_p2_64ch",
    "SeriesNumber": 11,
    "ShimSetting": [
      -5466,
      -11496,
      -1402,
      322,
      -63,
      -394,
      -653,
      32
    ],
    "SliceThickness": 1,
    "SoftwareVersions": "syngo_MR_E11",
    "StationName": "AWP166078",
    "TxRefAmp": 211.263,
    "dataset": "ds004044",
    "modality": "T1w",
    "run_id": 1,
    "session_id": "1",
    "subject_id": "46"
  },
  "cjv": 0.3116370232570376,
  "cnr": 4.265435664467724,
  "efc": 0.5058629364922044,
  "fber": 15351.210000000001,
  "fwhm_avg": 4.1214200000000005,
  "fwhm_x": 4.15453,
  "fwhm_y": 3.97439,
  "fwhm_z": 4.23534,
  "icvs_csf": 0.22117305007040206,
  "icvs_gm": 0.4508542940737554,
  "icvs_wm": 0.32797265585584257,
  "inu_med": 0.5638186037540436,
  "inu_range": 0.2296443834900856,
  "provenance": {
    "md5sum": "307174810dea08a56873dffd3be7b00b",
    "settings": {
      "testing": false
    },
    "software": "mriqc",
    "version": "22.0.6",
    "warnings": {
      "large_rot_frame": true,
      "small_air_mask": false
    },
    "webapi_port": null,
    "webapi_url": "https://mriqc.nimh.nih.gov/api/v1"
  },
  "qi_1": 1.8221261296531244e-06,
  "qi_2": 0.01094683930499022,
  "rpve_csf": 27.852698690746408,
  "rpve_gm": 14.47615548328805,
  "rpve_wm": 22.60851026220826,
  "size_x": 208,
  "size_y": 256,
  "size_z": 256,
  "snr_csf": 1.852566594546843,
  "snr_gm": 10.679965381669481,
  "snr_total": 12.421488916697689,
  "snr_wm": 24.73193477387674,
  "snrd_csf": 17.01198950109353,
  "snrd_gm": 65.86580231265168,
  "snrd_total": 60.01997836399327,
  "snrd_wm": 97.1821432782346,
  "spacing_x": 1.0,
  "spacing_y": 1.0,
  "spacing_z": 1.0,
  "summary_bg_k": 17.757232464539648,
  "summary_bg_mad": 0.0,
  "summary_bg_mean": 4.3176373550938845,
  "summary_bg_median": 0.0,
  "summary_bg_n": 3599786.0,
  "summary_bg_p05": 0.0,
  "summary_bg_p95": 16.964543357491493,
  "summary_bg_stdv": 6.741324743660628,
  "summary_csf_k": 3.1572754996469428,
  "summary_csf_mad": 80.59549607440034,
  "summary_csf_mean": 189.7723721446206,
  "summary_csf_median": 175.05262379348278,
  "summary_csf_n": 40364.0,
  "summary_csf_p05": 66.91501086130738,
  "summary_csf_p95": 376.5984158448874,
  "summary_csf_stdv": 94.49077613198709,
  "summary_gm_k": 0.14707965270533174,
  "summary_gm_mad": 62.114220588850685,
  "summary_gm_mean": 677.1295870958735,
  "summary_gm_median": 677.7562090754509,
  "summary_gm_n": 42562.0,
  "summary_gm_p05": 571.1809026300907,
  "summary_gm_p95": 778.9656015634537,
  "summary_gm_stdv": 63.45977939260072,
  "summary_wm_k": 0.5750688910893413,
  "summary_wm_mad": 38.30886905282811,
  "summary_wm_mean": 1000.2875184992008,
  "summary_wm_median": 999.9999803453684,
  "summary_wm_n": 178245.0,
  "summary_wm_p05": 934.6596588492393,
  "summary_wm_p95": 1066.8262472450733,
  "summary_wm_stdv": 40.43343896693309,
  "tpm_overlap_csf": 0.16080367153614128,
  "tpm_overlap_gm": 0.47072375005260314,
  "tpm_overlap_wm": 0.5116458580075198,
  "wm2max": 0.47791608308839484
}