{
  "aor": 0.0018331140350877195,
  "aqi": 0.013040563070175438,
  "bids_meta": {
    "AcquisitionMatrixPE": 100,
    "AcquisitionNumber": 1,
    "AcquisitionTime": "12:07:17.090000",
    "BandwidthPerPixelPhaseEncode": 18.519,
    "BaseResolution": 100,
    "BodyPartExamined": "BRAIN",
    "CogAtlasID": "http://www.cognitiveatlas.org/task/id/TODO",
    "ConsistencyInfo": "N4_VE11C_LATEST_20160120",
    "ConversionSoftware": "dcm2niix",
    "ConversionSoftwareVersion": "v1.0.20180622 GCC4.9.2",
    "DerivedVendorReportedEchoSpacing": 0.000539986,
    "DeviceSerialNumber": "166078",
    "DwellTime": 2.1e-06,
    "EchoTime": 0.034,
    "EchoTrainLength": 100,
    "EffectiveEchoSpacing": 0.000539986,
    "FlipAngle": 90,
    "ImageOrientationPatientDICOM": [
      1,
      -0.000136315,
      -0.000530998,
      2.95999e-10,
      0.968593,
      -0.248652
    ],
    "ImageType": [
      "ORIGINAL",
      "PRIMARY",
      "M",
      "ND",
      "MOSAIC"
    ],
    "InPlanePhaseEncodingDirectionDICOM": "COL",
    "InstitutionAddress": "Street_StreetNo_Bei_Jing_District_CN_ZIP",
    "InstitutionName": "BeiJing_Normal_University",
    "InstitutionalDepartmentName": "Department",
    "MRAcquisitionType": "2D",
    "MagneticFieldStrength": 3,
    "Manufacturer": "Siemens",
    "ManufacturersModelName": "Prisma",
    "Modality": "MR",
    "MultibandAccelerationFactor": 3,
    "PartialFourier": 1,
    "PatientPosition": "HFS",
    "PercentPhaseFOV": 100,
    "PhaseEncodingDirection": "j-",
    "PhaseEncodingSteps": 100,
    "PhaseResolution": 1,
    "PixelBandwidth": 2380,
    "ProcedureStepDescription": "BNU_P2018_64CH_Liu.Jia",
    "ProtocolName": "bold_100x100_s3_2x2x2_232",
    "PulseSequenceDetails": "%SiemensSeq%_ep2d_bold",
    "ReceiveCoilActiveElements": "HC1-7;NC1",
    "ReceiveCoilName": "HeadNeck_64",
    "ReconMatrixPE": 100,
    "RepetitionTime": 2,
    "SAR": 0.0619585,
    "ScanOptions": "FS",
    "ScanningSequence": "EP",
    "SequenceName": "_epfid2d1_100",
    "SequenceVariant": "SK",
    "SeriesDescription": "bold_100x100_s3_2x2x2_232",
    "SeriesNumber": 9,
    "ShimSetting": [
      -5461,
      -11474,
      -1255,
      400,
      -66,
      -252,
      -165,
      16
    ],
    "SliceThickness": 2,
    "SliceTiming": [
      1.485,
      0,
      0.99,
      0.0825,
      1.0725,
      0.165,
      1.155,
      0.2475,
      1.2375,
      0.33,
      1.32,
      0.4125,
      1.4025,
      0.5775,
      1.5675,
      0.66,
      1.65,
      0.7425,
      1.7325,
      0.825,
      1.815,
      0.9075,
      1.8975,
      0.495,
      1.485,
      0,
      0.99,
      0.0825,
      1.0725,
      0.165,
      1.155,
      0.2475,
      1.2375,
      0.33,
      1.32,
      0.4125,
      1.4025,
      0.5775,
      1.5675,
      0.66,
      1.65,
      0.7425,
      1.7325,
      0.825,
      1.815,
      0.9075,
      1.8975,
      0.495,
      1.485,
      0,
      0.99,
      0.0825,
      1.0725,
      0.165,
      1.155,
      0.2475,
      1.2375,
      0.33,
      1.32,
      0.4125,
      1.4025,
      0.5775,
      1.5675,
      0.66,
      1.65,
      0.7425,
      1.7325,
      0.825,
      1.815,
      0.9075,
      1.8975,
      0.495
    ],
    "SoftwareVersions": "syngo_MR_E11",
    "SpacingBetweenSlices": 2,
    "StationName": "AWP166078",
    "TaskName": "Motor tasks of several major body parts, including toe, ankle, left leg, right leg, finger, wrist, forearm, upper arm, jaw, lip, tongue, eye",
    "TotalReadoutTime": 0.0534586,
    "TxRefAmp": 225.553,
    "dataset": "ds004044",
    "dcmmeta_reorient_transform": [
      [
        0.0,
        -1.0,
        0.0,
        99.0
      ],
      [
        1.0,
        0.0,
        0.0,
        0.0
      ],
      [
        0.0,
        0.0,
        1.0,
        0.0
      ],
      [
        0.0,
        0.0,
        0.0,
        1.0
      ]
    ],
    "dcmmeta_shape": [
      100,
      100,
      72,
      232
    ],
    "dcmmeta_slice_dim": 2,
    "dcmmeta_version": 0.6,
    "modality": "bold",
    "run_id": 4,
    "session_id": "1",
    "subject_id": "27",
    "task_id": "motor"
  },
  "dummy_trs": 4,
  "dvars_nstd": 48.14266443480176,
  "dvars_std": 1.0868134724229073,
  "dvars_vstd": 0.9984136266519817,
  "efc": 0.622377122635679,
  "fber": 98.20574951171875,
  "fd_mean": 0.20020134876995782,
  "fd_num": 77,
  "fd_perc": 33.771929824561404,
  "fwhm_avg": 3.13485,
  "fwhm_x": 2.858115,
  "fwhm_y": 3.31054,
  "fwhm_z": 3.235895,
  "gcor": 0.0167228,
  "gsr_x": 0.0066757951863110065,
  "gsr_y": 0.06871984899044037,
  "provenance": {
    "md5sum": "3ef4fa491d8129dba9be8509d90e3621",
    "settings": {
      "fd_thres": 0.2,
      "testing": false
    },
    "software": "mriqc",
    "version": "22.0.6",
    "webapi_port": null,
    "webapi_url": "https://mriqc.nimh.nih.gov/api/v1"
  },
  "size_t": 228,
  "size_x": 100,
  "size_y": 100,
  "size_z": 72,
  "snr": 2.154894779227633,
  "spacing_tr": 2.0,
  "spacing_x": 2.0,
  "spacing_y": 2.0,
  "spacing_z": 2.0,
  "summary_bg_k": 25.869522726462126,
  "summary_bg_mad": 24.54746637813061,
  "summary_bg_mean": 111.91813659667969,
  "summary_bg_median": 66.74561309814453,
  "summary_bg_n": 440977.0,
  "summary_bg_p05": 46.75,
  "summary_bg_p95": 339.39298095703066,
  "summary_bg_stdv": 128.552978515625,
  "summary_fg_k": 1.3783525580158562,
  "summary_fg_mad": 287.73210730232057,
  "summary_fg_mean": 737.33056640625,
  "summary_fg_median": 683.3508911132812,
  "summary_fg_n": 172534.0,
  "summary_fg_p05": 335.6359558105469,
  "summary_fg_p95": 1346.7563720703126,
  "summary_fg_stdv": 317.11474609375,
  "tsnr": 28.61742531618802
}