{
  "aor": 0.004199956896551724,
  "aqi": 0.007842006336206896,
  "bids_meta": {
    "AcquisitionMatrixPE": 100,
    "AcquisitionNumber": 1,
    "AcquisitionTime": "11:01:46.120000",
    "BandwidthPerPixelPhaseEncode": 18.519,
    "BaseResolution": 100,
    "BodyPartExamined": "BRAIN",
    "CogAtlasID": "http://www.cognitiveatlas.org/task/id/TODO",
    "ConsistencyInfo": "N4_VE11C_LATEST_20160120",
    "ConversionSoftware": "dcm2niix",
    "ConversionSoftwareVersion": "v1.0.20180622 GCC4.9.2",
    "DerivedVendorReportedEchoSpacing": 0.000539986,
    "DeviceSerialNumber": "166078",
    "DwellTime": 2.1e-06,
    "EchoTime": 0.034,
    "EchoTrainLength": 100,
    "EffectiveEchoSpacing": 0.000539986,
    "FlipAngle": 90,
    "ImageOrientationPatientDICOM": [
      1,
      0,
      0,
      0,
      1,
      0
    ],
    "ImageType": [
      "ORIGINAL",
      "PRIMARY",
      "M",
      "ND",
      "MOSAIC"
    ],
    "InPlanePhaseEncodingDirectionDICOM": "COL",
    "InstitutionAddress": "Street_StreetNo_Bei_Jing_District_CN_ZIP",
    "InstitutionName": "BeiJing_Normal_University",
    "InstitutionalDepartmentName": "Department",
    "MRAcquisitionType": "2D",
    "MagneticFieldStrength": 3,
    "Manufacturer": "Siemens",
    "ManufacturersModelName": "Prisma",
    "Modality": "MR",
    "MultibandAccelerationFactor": 3,
    "PartialFourier": 1,
    "PatientPosition": "HFS",
    "PercentPhaseFOV": 100,
    "PhaseEncodingDirection": "j-",
    "PhaseEncodingSteps": 100,
    "PhaseResolution": 1,
    "PixelBandwidth": 2380,
    "ProcedureStepDescription": "BNU_P2018_64CH_Liu.Jia",
    "ProtocolName": "bold_100x100_s3_2x2x2_232",
    "PulseSequenceDetails": "%SiemensSeq%_ep2d_bold",
    "ReceiveCoilActiveElements": "HC1-7;NC1",
    "ReceiveCoilName": "HeadNeck_64",
    "ReconMatrixPE": 100,
    "RepetitionTime": 2,
    "SAR": 0.0659965,
    "ScanOptions": "FS",
    "ScanningSequence": "EP",
    "SequenceName": "_epfid2d1_100",
    "SequenceVariant": "SK",
    "SeriesDescription": "bold_100x100_s3_2x2x2_232",
    "SeriesNumber": 8,
    "ShimSetting": [
      -5476,
      -11460,
      -1426,
      117,
      -70,
      -142,
      -511,
      7
    ],
    "SliceThickness": 2,
    "SliceTiming": [
      1.485,
      0,
      0.99,
      0.0825,
      1.0725,
      0.165,
      1.155,
      0.2475,
      1.2375,
      0.33,
      1.32,
      0.4125,
      1.4025,
      0.5775,
      1.5675,
      0.66,
      1.65,
      0.7425,
      1.7325,
      0.825,
      1.815,
      0.9075,
      1.8975,
      0.495,
      1.485,
      0,
      0.99,
      0.0825,
      1.0725,
      0.165,
      1.155,
      0.2475,
      1.2375,
      0.33,
      1.32,
      0.4125,
      1.4025,
      0.5775,
      1.5675,
      0.66,
      1.65,
      0.7425,
      1.7325,
      0.825,
      1.815,
      0.9075,
      1.8975,
      0.495,
      1.485,
      0,
      0.99,
      0.0825,
      1.0725,
      0.165,
      1.155,
      0.2475,
      1.2375,
      0.33,
      1.32,
      0.4125,
      1.4025,
      0.5775,
      1.5675,
      0.66,
      1.65,
      0.7425,
      1.7325,
      0.825,
      1.815,
      0.9075,
      1.8975,
      0.495
    ],
    "SoftwareVersions": "syngo_MR_E11",
    "SpacingBetweenSlices": 2,
    "StationName": "AWP166078",
    "TaskName": "Motor tasks of several major body parts, including toe, ankle, left leg, right leg, finger, wrist, forearm, upper arm, jaw, lip, tongue, eye",
    "TotalReadoutTime": 0.0534586,
    "TxRefAmp": 211.263,
    "dataset": "ds004044",
    "dcmmeta_reorient_transform": [
      [
        0.0,
        -1.0,
        0.0,
        99.0
      ],
      [
        1.0,
        0.0,
        0.0,
        0.0
      ],
      [
        0.0,
        0.0,
        1.0,
        0.0
      ],
      [
        0.0,
        0.0,
        0.0,
        1.0
      ]
    ],
    "dcmmeta_shape": [
      100,
      100,
      72,
      232
    ],
    "dcmmeta_slice_dim": 2,
    "dcmmeta_version": 0.6,
    "modality": "bold",
    "run_id": 4,
    "session_id": "1",
    "subject_id": "46",
    "task_id": "motor"
  },
  "dummy_trs": 0,
  "dvars_nstd": 41.6951830729437,
  "dvars_std": 1.068109002164502,
  "dvars_vstd": 1.0023751747619047,
  "efc": 0.5811669283696617,
  "fber": 147.89698791503906,
  "fd_mean": 0.14394567708439293,
  "fd_num": 45,
  "fd_perc": 19.396551724137932,
  "fwhm_avg": 3.326513333333333,
  "fwhm_x": 3.11008,
  "fwhm_y": 3.456,
  "fwhm_z": 3.41346,
  "gcor": 0.0357043,
  "gsr_x": -0.005378681235015392,
  "gsr_y": 0.06732682138681412,
  "provenance": {
    "md5sum": "52f6740d3d46f72f77876a9509eca89d",
    "settings": {
      "fd_thres": 0.2,
      "testing": false
    },
    "software": "mriqc",
    "version": "22.0.6",
    "webapi_port": null,
    "webapi_url": "https://mriqc.nimh.nih.gov/api/v1"
  },
  "size_t": 232,
  "size_x": 100,
  "size_y": 100,
  "size_z": 72,
  "snr": 2.0957374646518687,
  "spacing_tr": 2.0,
  "spacing_x": 2.0,
  "spacing_y": 2.0,
  "spacing_z": 2.0,
  "summary_bg_k": 22.406805965099085,
  "summary_bg_mad": 20.23880072824306,
  "summary_bg_mean": 102.31572723388672,
  "summary_bg_median": 61.76293182373047,
  "summary_bg_n": 468707.0,
  "summary_bg_p05": 44.81465530395508,
  "summary_bg_p95": 310.60989990234276,
  "summary_bg_stdv": 111.78822326660156,
  "summary_fg_k": 1.8608809466480825,
  "summary_fg_mad": 319.56466463374977,
  "summary_fg_mean": 837.9140625,
  "summary_fg_median": 764.9051513671875,
  "summary_fg_n": 153920.0,
  "summary_fg_p05": 393.5771453857422,
  "summary_fg_p95": 1542.5860046386708,
  "summary_fg_stdv": 364.9801940917969,
  "tsnr": 32.916190748801455
}