{
  "aor": 0.006815474137931035,
  "aqi": 0.006482748706896552,
  "bids_meta": {
    "AcquisitionMatrixPE": 100,
    "AcquisitionNumber": 1,
    "AcquisitionTime": "10:41:58.285000",
    "BandwidthPerPixelPhaseEncode": 18.519,
    "BaseResolution": 100,
    "BodyPartExamined": "BRAIN",
    "CogAtlasID": "http://www.cognitiveatlas.org/task/id/TODO",
    "ConsistencyInfo": "N4_VE11C_LATEST_20160120",
    "ConversionSoftware": "dcm2niix",
    "ConversionSoftwareVersion": "v1.0.20180622 GCC4.9.2",
    "DerivedVendorReportedEchoSpacing": 0.000539986,
    "DeviceSerialNumber": "166078",
    "DwellTime": 2.1e-06,
    "EchoTime": 0.034,
    "EchoTrainLength": 100,
    "EffectiveEchoSpacing": 0.000539986,
    "FlipAngle": 90,
    "ImageOrientationPatientDICOM": [
      0.999275,
      0.0375187,
      0.00640679,
      -0.0366418,
      0.993816,
      -0.104816
    ],
    "ImageType": [
      "ORIGINAL",
      "PRIMARY",
      "M",
      "ND",
      "MOSAIC"
    ],
    "InPlanePhaseEncodingDirectionDICOM": "COL",
    "InstitutionAddress": "Street_StreetNo_Bei_Jing_District_CN_ZIP",
    "InstitutionName": "BeiJing_Normal_University",
    "InstitutionalDepartmentName": "Department",
    "MRAcquisitionType": "2D",
    "MagneticFieldStrength": 3,
    "Manufacturer": "Siemens",
    "ManufacturersModelName": "Prisma",
    "Modality": "MR",
    "MultibandAccelerationFactor": 3,
    "PartialFourier": 1,
    "PatientPosition": "HFS",
    "PercentPhaseFOV": 100,
    "PhaseEncodingDirection": "j-",
    "PhaseEncodingSteps": 100,
    "PhaseResolution": 1,
    "PixelBandwidth": 2380,
    "ProcedureStepDescription": "BNU_P2018_64CH_Liu.Jia",
    "ProtocolName": "bold_100x100_s3_2x2x2_232",
    "PulseSequenceDetails": "%SiemensSeq%_ep2d_bold",
    "ReceiveCoilActiveElements": "HC1-7;NC1",
    "ReceiveCoilName": "HeadNeck_64",
    "ReconMatrixPE": 100,
    "RepetitionTime": 2,
    "SAR": 0.061643,
    "ScanOptions": "FS",
    "ScanningSequence": "EP",
    "SequenceName": "_epfid2d1_100",
    "SequenceVariant": "SK",
    "SeriesDescription": "bold_100x100_s3_2x2x2_232",
    "SeriesNumber": 5,
    "ShimSetting": [
      -5458,
      -11473,
      -1425,
      152,
      40,
      -85,
      -463,
      -29
    ],
    "SliceThickness": 2,
    "SliceTiming": [
      1.485,
      0,
      0.99,
      0.0825,
      1.0725,
      0.165,
      1.155,
      0.2475,
      1.2375,
      0.33,
      1.32,
      0.4125,
      1.4025,
      0.5775,
      1.5675,
      0.66,
      1.65,
      0.7425,
      1.7325,
      0.825,
      1.815,
      0.9075,
      1.8975,
      0.495,
      1.485,
      0,
      0.99,
      0.0825,
      1.0725,
      0.165,
      1.155,
      0.2475,
      1.2375,
      0.33,
      1.32,
      0.4125,
      1.4025,
      0.5775,
      1.5675,
      0.66,
      1.65,
      0.7425,
      1.7325,
      0.825,
      1.815,
      0.9075,
      1.8975,
      0.495,
      1.485,
      0,
      0.99,
      0.0825,
      1.0725,
      0.165,
      1.155,
      0.2475,
      1.2375,
      0.33,
      1.32,
      0.4125,
      1.4025,
      0.5775,
      1.5675,
      0.66,
      1.65,
      0.7425,
      1.7325,
      0.825,
      1.815,
      0.9075,
      1.8975,
      0.495
    ],
    "SoftwareVersions": "syngo_MR_E11",
    "SpacingBetweenSlices": 2,
    "StationName": "AWP166078",
    "TaskName": "Motor tasks of several major body parts, including toe, ankle, left leg, right leg, finger, wrist, forearm, upper arm, jaw, lip, tongue, eye",
    "TotalReadoutTime": 0.0534586,
    "TxRefAmp": 210.34,
    "dataset": "ds004044",
    "dcmmeta_reorient_transform": [
      [
        0.0,
        -1.0,
        0.0,
        99.0
      ],
      [
        1.0,
        0.0,
        0.0,
        0.0
      ],
      [
        0.0,
        0.0,
        1.0,
        0.0
      ],
      [
        0.0,
        0.0,
        0.0,
        1.0
      ]
    ],
    "dcmmeta_shape": [
      100,
      100,
      72,
      232
    ],
    "dcmmeta_slice_dim": 2,
    "dcmmeta_version": 0.6,
    "modality": "bold",
    "run_id": 3,
    "session_id": "1",
    "subject_id": "46",
    "task_id": "motor"
  },
  "dummy_trs": 0,
  "dvars_nstd": 41.870720075021644,
  "dvars_std": 1.1113222983982693,
  "dvars_vstd": 1.045105175194805,
  "efc": 0.5938034583459751,
  "fber": 130.62152099609375,
  "fd_mean": 0.13928666223625158,
  "fd_num": 38,
  "fd_perc": 16.379310344827587,
  "fwhm_avg": 3.1906249999999994,
  "fwhm_x": 2.9633,
  "fwhm_y": 3.310555,
  "fwhm_z": 3.29802,
  "gcor": 0.0336495,
  "gsr_x": -0.005392792169004679,
  "gsr_y": 0.06104879826307297,
  "provenance": {
    "md5sum": "2c69c3162ed29ab2d76fab95f698bf45",
    "settings": {
      "fd_thres": 0.2,
      "testing": false
    },
    "software": "mriqc",
    "version": "22.0.6",
    "webapi_port": null,
    "webapi_url": "https://mriqc.nimh.nih.gov/api/v1"
  },
  "size_t": 232,
  "size_x": 100,
  "size_y": 100,
  "size_z": 72,
  "snr": 2.3211783453754524,
  "spacing_tr": 2.0,
  "spacing_x": 2.0,
  "spacing_y": 2.0,
  "spacing_z": 2.0,
  "summary_bg_k": 32.99548685270192,
  "summary_bg_mad": 15.93797384893522,
  "summary_bg_mean": 95.967041015625,
  "summary_bg_median": 62.8318977355957,
  "summary_bg_n": 465559.0,
  "summary_bg_p05": 49.594825744628906,
  "summary_bg_p95": 266.0573242187497,
  "summary_bg_stdv": 96.02508544921875,
  "summary_fg_k": 1.2961895654936182,
  "summary_fg_mad": 285.6885070092529,
  "summary_fg_mean": 790.5165405273438,
  "summary_fg_median": 733.0516967773438,
  "summary_fg_n": 155795.0,
  "summary_fg_p05": 389.8176788330078,
  "summary_fg_p95": 1392.4302246093737,
  "summary_fg_stdv": 315.80914306640625,
  "tsnr": 34.22385471407324
}